GEM
  remote: http://rubygems.org/
  specs:
    awesome_print (1.2.0)
    builder (3.2.2)
    colorize (0.7.3)
    excon (0.42.0)
    fog (1.23.0)
      fog-brightbox
      fog-core (~> 1.23)
      fog-json
      fog-softlayer
      ipaddress (~> 0.5)
      nokogiri (~> 1.5, >= 1.5.11)
    fog-brightbox (0.7.0)
      fog-core (~> 1.22)
      fog-json
      inflecto (~> 0.0.2)
    fog-core (1.25.0)
      builder
      excon (~> 0.38)
      formatador (~> 0.2)
      mime-types
      net-scp (~> 1.1)
      net-ssh (>= 2.1.3)
    fog-json (1.0.0)
      multi_json (~> 1.0)
    fog-softlayer (0.3.25)
      fog-core
      fog-json
    formatador (0.2.5)
    inflecto (0.0.2)
    ipaddress (0.8.0)
    mime-types (2.4.3)
    mini_portile (0.6.0)
    multi_json (1.10.1)
    net-scp (1.2.1)
      net-ssh (>= 2.6.5)
    net-ssh (2.9.1)
    nokogiri (1.6.3)
      mini_portile (= 0.6.0)
    parseconfig (1.0.6)
    trollop (2.0)
    wirble (0.1.3)

PLATFORMS
  ruby

DEPENDENCIES
  awesome_print
  colorize
  excon (>= 0.38)
  fog (= 1.23.0)
  nokogiri (= 1.6.3)
  parseconfig
  trollop
  wirble
